GEM
  remote: https://rubygems.org/
  specs:
    childprocess (0.6.3)
      ffi (~> 1.0, >= 1.0.11)
    ffi (1.9.18)
    json (2.0.3)
    mini_portile2 (2.1.0)
    nokogiri (1.7.0.1)
      mini_portile2 (~> 2.1.0)
    rf-rest-open-uri (1.0.0)
    rubyzip (1.2.1)
    selenium-webdriver (3.4.0)
      childprocess (~> 0.5)
      rubyzip (~> 1.0)
      websocket (~> 1.0)
    watir (6.2.1)
      selenium-webdriver (~> 3.0)
    watir-scroll (0.3.0)
      watir (>= 6.0)
    websocket (1.2.4)

PLATFORMS
  ruby

DEPENDENCIES
  json
  nokogiri
  rf-rest-open-uri
  watir
  watir-scroll

BUNDLED WITH
   1.14.6
